GEM
  remote: https://rubygems.org/
  specs:
    addressable (2.3.6)
    launchy (2.4.2)
      addressable (~> 2.3)
    matrix (0.0.1)
    mini_portile (0.5.3)
    nokogiri (1.6.1)
      mini_portile (~> 0.5.0)

PLATFORMS
  ruby

DEPENDENCIES
  launchy
  matrix
  nokogiri
