GEM
  remote: https://rubygems.org/
  specs:
    addressable (2.3.6)
    artoo (1.6.1)
      celluloid (~> 0.15.0)
      celluloid-io (~> 0.15.0)
      multi_json (~> 1.6)
      pry (~> 0.9)
      rake
      reel (~> 0.4.0)
      robeaux (~> 0.0.3)
      thor (~> 0.18.1)
    artoo-sphero (1.3.0)
      artoo (>= 1.6.0)
      sphero (>= 1.5.0)
    celluloid (0.15.2)
      timers (~> 1.1.0)
    celluloid-io (0.15.0)
      celluloid (>= 0.15.0)
      nio4r (>= 0.5.0)
    coderay (1.1.0)
    http (0.6.0)
      http_parser.rb (~> 0.6.0)
    http_parser.rb (0.6.0)
    hybridgroup-serialport (1.2.1)
    hybridgroup-sphero (1.4.0)
    launchy (2.4.2)
      addressable (~> 2.3)
    method_source (0.8.2)
    multi_json (1.9.2)
    nio4r (1.0.0)
    pry (0.9.12.6)
      coderay (~> 1.0)
      method_source (~> 0.8)
      slop (~> 3.4)
    rake (10.3.1)
    reel (0.4.0)
      celluloid (>= 0.15.1)
      celluloid-io (>= 0.15.0)
      http (>= 0.5.0)
      http_parser.rb (>= 0.6.0.beta.2)
      websocket_parser (>= 0.1.4)
    robeaux (0.0.4)
    slop (3.5.0)
    sphero (1.5.0)
    thor (0.18.1)
    timers (1.1.0)
    websocket_parser (0.1.6)

PLATFORMS
  ruby

DEPENDENCIES
  artoo (= 1.6.1)
  artoo-sphero (= 1.3.0)
  celluloid (= 0.15.2)
  celluloid-io (= 0.15.0)
  hybridgroup-serialport (= 1.2.1)
  hybridgroup-sphero (= 1.4.0)
  launchy (= 2.4.2)
  reel (= 0.4.0)
  sphero (= 1.5.0)
